GEM
  remote: http://rubygems.org/
  specs:
    bson (1.9.2)
    coffee-script (2.2.0)
      coffee-script-source
      execjs
    coffee-script-source (1.4.0)
    daemons (1.1.9)
    eventmachine (1.0.0)
    execjs (1.4.0)
      multi_json (~> 1.0)
    haml (3.1.7)
    kgio (2.9.2)
    mongo (1.9.2)
      bson (~> 1.9.2)
    multi_json (1.5.0)
    mustache (0.99.4)
    rack (1.4.1)
    rack-protection (1.3.2)
      rack
    rack-session-mongo (0.0.1)
      mongo
      rack
    raindrops (0.13.0)
    rake (10.0.3)
    sass (3.2.13)
    shotgun (0.9)
      rack (>= 1.0)
    sinatra (1.3.3)
      rack (~> 1.3, >= 1.3.6)
      rack-protection (~> 1.2)
      tilt (~> 1.3, >= 1.3.3)
    thin (1.5.0)
      daemons (>= 1.0.9)
      eventmachine (>= 0.12.6)
      rack (>= 1.0.0)
    tilt (1.3.3)
    unicorn (4.8.2)
      kgio (~> 2.6)
      rack
      raindrops (~> 0.7)
    yajl-ruby (1.1.0)

PLATFORMS
  ruby

DEPENDENCIES
  coffee-script
  haml
  mongo
  mustache
  rack
  rack-session-mongo
  rake
  sass (= 3.2.13)
  shotgun
  sinatra
  thin
  unicorn
  yajl-ruby
